GEM
  specs:

PLATFORMS
  ruby
  x86_64-linux

DEPENDENCIES

BUNDLED WITH
   1.17.2
